GEM
  remote: https://rubygems.org/
  specs:
    json (2.1.0)
    mustermann (1.0.0)
    rack (2.0.2)
    rack-protection (2.0.0)
      rack
    rake (12.0.0)
    sinatra (2.0.0)
      mustermann (~> 1.0)
      rack (~> 2.0)
      rack-protection (= 2.0.0)
      tilt (~> 2.0)
    sinatra-flash (0.3.0)
      sinatra (>= 1.0.0)
    tilt (2.0.7)

PLATFORMS
  ruby

DEPENDENCIES
  json
  rake
  sinatra
  sinatra-flash

RUBY VERSION
   ruby 2.4.1p111

BUNDLED WITH
   1.14.6
